{
  "AcquisitionMatrixPE": 64,
  "AcquisitionNumber": 1,
  "BandwidthPerPixelPhaseEncode": 53.879,
  "BaseResolution": 64,
  "CogAtlasID": "TODO",
  "CoilString": "C:HEA;HEP",
  "ConversionSoftware": "dcm2niix",
  "ConversionSoftwareVersion": "v1.0.20190902",
  "DerivedVendorReportedEchoSpacing": 0.000580003,
  "DeviceSerialNumber": "26174",
  "DwellTime": 3.9e-06,
  "EffectiveEchoSpacing": 0.000290002,
  "FlipAngle": 90,
  "InPlanePhaseEncodingDirectionDICOM": "COL",
  "InstitutionAddress": "Science_Road_StreetNo_Brighton_LV4_54FBC1_District_GB_BN1_9RR",
  "InstitutionName": "Brighton_and_Sussex_Medical_School",
  "InstitutionalDepartmentName": "Department",
  "MRAcquisitionType": "2D",
  "MagneticFieldStrength": 1.5,
  "Manufacturer": "Siemens",
  "ManufacturersModelName": "Avanto",
  "Modality": "MR",
  "ParallelReductionFactorInPlane": 2,
  "PartialFourier": 1,
  "PatientPosition": "HFS",
  "PercentPhaseFOV": 100,
  "PhaseEncodingDirection": "j-",
  "PhaseEncodingSteps": 63,
  "PhaseResolution": 1,
  "PixelBandwidth": 2003,
  "ProtocolName": "multi-echo_RS_fMRI",
  "PulseSequenceDetails": "%CustomerSeq%_DCCN_ep2d_bold_multiecho_WIP",
  "ReceiveCoilName": "32Ch_Head",
  "ReconMatrixPE": 64,
  "RefLinesPE": 24,
  "RepetitionTime": 2.57,
  "ScanOptions": "FS",
  "ScanningSequence": "EP",
  "SequenceName": "B.Poser@DCCN_NL",
  "SequenceVariant": "SK",
  "SliceThickness": 4.2,
  "SoftwareVersions": "syngo_MR_B17",
  "SpacingBetweenSlices": 4.494,
  "StationName": "MRC26174",
  "TaskName": "rest",
  "TotalReadoutTime": 0.0182701}